GEM
  remote: https://rubygems.org/
  specs:
    maruku (0.6.1)
      syntax (>= 1.0.0)
    rack (1.5.2)
    sinatra (1.1.0)
      rack (~> 1.1)
      tilt (~> 1.1)
    syntax (1.0.0)
    tilt (1.4.1)

PLATFORMS
  x86-mingw32

DEPENDENCIES
  maruku
  sinatra (= 1.1.0)
